FRAMEWORK: NET45
NUGET
  remote: https://www.nuget.org/api/v2
    FAKE (4.50)
    FSharp.Core (4.0.0.1)
    FsUnit (2.3.2)
      FSharp.Core (>= 3.1.2.5)
      NUnit (3.5)
    Node.js (5.3)
    Npm.js (2.13.1)
      Node.js (>= 0.12.7)
    NUnit (3.5)
    Octokit (0.24)
GIT
  remote: https://github.com/ionide/FsAutoComplete.git
     (857286c304a7115ac5dfcb16309b08af74e2cbfa)
      build: build.cmd LocalRelease
      os: windows
     (857286c304a7115ac5dfcb16309b08af74e2cbfa)
      build: build.sh LocalRelease
      os: mono
  remote: https://github.com/fsharp-editing/Forge.git
     (d0fa71e5c284c142e2b1c800395182f3b31e7f5f)
      build: build.cmd Build
      os: windows
     (d0fa71e5c284c142e2b1c800395182f3b31e7f5f)
      build: build.sh Build
      os: mono
  remote: https://github.com/ionide/ionide-fsgrammar.git
     (16d4cc8cb0224d8861a7b48107ac102e3f51579a)
GITHUB
  remote: fsharp/FAKE
    modules/Octokit/Octokit.fsx (4c38cad5f0a1d3f29c22e50ef2bff189be47c730)
      Octokit (>= 0.20)
  remote: Ionide/ionide-vscode-helpers
    Fable.Import.Axios.fs (6e0b34c03eda6f9274695a50bee2bf0a600b54a0)
    Fable.Import.VSCode.fs (6e0b34c03eda6f9274695a50bee2bf0a600b54a0)
    Fable.Import.VSCodeDebugger.fs (6e0b34c03eda6f9274695a50bee2bf0a600b54a0)
    Fable.Import.ws.fs (6e0b34c03eda6f9274695a50bee2bf0a600b54a0)
    Helpers.fs (6e0b34c03eda6f9274695a50bee2bf0a600b54a0)
